GEM
  remote: https://rubygems.org/
  specs:
    mime-types (3.3.1)
      mime-types-data (~> 3.2015)
    mime-types-data (3.2021.0901)
    nio4r (2.5.8)
    puma (5.4.0)
      nio4r (~> 2.0)
    rack (2.2.3)

PLATFORMS
  x86_64-darwin-20

DEPENDENCIES
  mime-types (= 3.3.1)
  puma (< 6)
  rack (= 2.2.3)

RUBY VERSION
   ruby 3.0.2p107

BUNDLED WITH
   2.2.22
